GEM
  remote: https://rubygems.org/
  specs:
    activesupport (5.2.3)
      concurrent-ruby (~> 1.0, >= 1.0.2)
      i18n (>= 0.7, < 2)
      minitest (~> 5.1)
      tzinfo (~> 1.1)
    addressable (2.7.0)
      public_suffix (>= 2.0.2, < 5.0)
    asciidoctor (2.0.10)
    colorator (1.1.0)
    colored (1.2)
    concurrent-ruby (1.1.5)
    em-websocket (0.5.1)
      eventmachine (>= 0.12.9)
      http_parser.rb (~> 0.6.0)
    ethon (0.12.0)
      ffi (>= 1.3.0)
    eventmachine (1.2.7)
    extras (0.3.0)
      forwardable-extended (~> 2.5)
    fastimage (2.1.7)
    ffi (1.11.1)
    forwardable-extended (2.6.0)
    html-proofer (3.7.2)
      activesupport (>= 4.2, < 6.0)
      addressable (~> 2.3)
      colored (~> 1.2)
      mercenary (~> 0.3.2)
      nokogiri (~> 1.7)
      parallel (~> 1.3)
      typhoeus (~> 0.7)
      yell (~> 2.0)
    http_parser.rb (0.6.0)
    i18n (0.9.5)
      concurrent-ruby (~> 1.0)
    jekyll (3.8.6)
      addressable (~> 2.4)
      colorator (~> 1.0)
      em-websocket (~> 0.5)
      i18n (~> 0.7)
      jekyll-sass-converter (~> 1.0)
      jekyll-watch (~> 2.0)
      kramdown (~> 1.14)
      liquid (~> 4.0)
      mercenary (~> 0.3.3)
      pathutil (~> 0.9)
      rouge (>= 1.7, < 4)
      safe_yaml (~> 1.0)
    jekyll-asciidoc (3.0.0)
      asciidoctor (>= 1.5.0)
      jekyll (>= 3.0.0)
    jekyll-assets (2.3.2)
      concurrent-ruby (~> 1.0)
      extras (~> 0.2)
      fastimage (~> 2.0, >= 1.8)
      jekyll (~> 3.1, >= 3.0)
      pathutil (>= 0.8)
      rack (~> 1.6)
      sprockets (~> 3.3, < 3.8)
    jekyll-include-cache (0.2.0)
      jekyll (>= 3.7, < 5.0)
    jekyll-paginate (1.1.0)
    jekyll-redirect-from (0.15.0)
      jekyll (>= 3.3, < 5.0)
    jekyll-sass-converter (1.5.2)
      sass (~> 3.4)
    jekyll-watch (2.2.1)
      listen (~> 3.0)
    kramdown (1.17.0)
    liquid (4.0.3)
    listen (3.1.5)
      rb-fsevent (~> 0.9, >= 0.9.4)
      rb-inotify (~> 0.9, >= 0.9.7)
      ruby_dep (~> 1.2)
    mercenary (0.3.6)
    mini_portile2 (2.4.0)
    minitest (5.11.3)
    nokogiri (1.10.8)
      mini_portile2 (~> 2.4.0)
    parallel (1.17.0)
    pathutil (0.16.2)
      forwardable-extended (~> 2.6)
    public_suffix (4.0.1)
    rack (1.6.12)
    rb-fsevent (0.10.3)
    rb-inotify (0.10.0)
      ffi (~> 1.0)
    rouge (3.10.0)
    ruby_dep (1.5.0)
    safe_yaml (1.0.5)
    sass (3.7.4)
      sass-listen (~> 4.0.0)
    sass-listen (4.0.0)
      rb-fsevent (~> 0.9, >= 0.9.4)
      rb-inotify (~> 0.9, >= 0.9.7)
    sprockets (3.7.2)
      concurrent-ruby (~> 1.0)
      rack (> 1, < 3)
    thread_safe (0.3.6)
    typhoeus (0.8.0)
      ethon (>= 0.8.0)
    tzinfo (1.2.5)
      thread_safe (~> 0.1)
    tzinfo-data (1.2019.2)
      tzinfo (>= 1.0.0)
    yell (2.2.0)

PLATFORMS
  ruby

DEPENDENCIES
  html-proofer (= 3.7.2)
  jekyll-asciidoc
  jekyll-assets (= 2.3.2)
  jekyll-include-cache
  jekyll-paginate
  jekyll-redirect-from
  tzinfo-data

BUNDLED WITH
   2.0.2
